GIT
  remote: git://github.com/dignatenko/codebreaker.git
  revision: c928f6d6c579a50dace947e2fae04882d0169ebf
  specs:
    codebreaker (0.1.0)

GEM
  remote: https://rubygems.org/
  specs:
    rack (1.6.0)
    rake (10.4.2)

PLATFORMS
  ruby

DEPENDENCIES
  codebreaker!
  rack
  rake
